GEM
  remote: https://rubygems.org/
  specs:
    childprocess (4.0.0)
    rexml (3.2.4)
    rubyzip (2.3.0)
    selenium-webdriver (4.0.0.beta1)
      childprocess (>= 0.5, < 5.0)
      rexml (~> 3.2)
      rubyzip (>= 1.2.2)
      websocket (~> 1.0)
    websocket (1.2.9)

PLATFORMS
  x64-mingw32

DEPENDENCIES
  selenium-webdriver (~> 4.0.0.beta1)

BUNDLED WITH
   2.2.11
